GIT
  remote: https://github.com/dmathieu/fakefs.git
  revision: 09f238b23772d95e8790235b7d3eee99e431deac
  specs:
    fakefs (0.3.1)

GEM
  remote: http://gemcutter.org/
  specs:
    classifier (1.3.3)
      fast-stemmer (>= 1.0.0)
    diff-lcs (1.1.2)
    directory_watcher (1.4.0)
    fast-stemmer (1.0.0)
    git (1.2.5)
    jekyll (0.10.0)
      classifier (>= 1.3.1)
      directory_watcher (>= 1.1.1)
      liquid (>= 1.9.0)
      maruku (>= 0.5.9)
    jeweler (1.5.2)
      bundler (~> 1.0.0)
      git (>= 1.2.5)
      rake
    json (1.5.1)
    liquid (2.2.2)
    maruku (0.6.0)
      syntax (>= 1.0.0)
    mocha (0.9.12)
    rake (0.8.7)
    rdiscount (1.6.8)
    rdoc (2.4.3)
    rspec (2.5.0)
      rspec-core (~> 2.5.0)
      rspec-expectations (~> 2.5.0)
      rspec-mocks (~> 2.5.0)
    rspec-core (2.5.1)
    rspec-expectations (2.5.0)
      diff-lcs (~> 1.1.2)
    rspec-mocks (2.5.0)
    sdoc (0.2.20)
      json (>= 1.1.3)
      rdoc (= 2.4.3)
    sdoc-helpers (0.1.4)
      sdoc (~> 0.2)
    syntax (1.0.0)

PLATFORMS
  ruby

DEPENDENCIES
  fakefs!
  jekyll
  jeweler
  mocha
  rdiscount
  rspec
  sdoc
  sdoc-helpers
