PATH
  remote: .
  specs:
    glynn (1.2.2)
      double-bag-ftps (~> 0.1.2)
      highline (>= 1.5)
      jekyll
      netrc

GEM
  remote: https://rubygems.org/
  specs:
    colorator (0.1)
    diff-lcs (1.2.3)
    double-bag-ftps (0.1.2)
    fakefs (0.5.3)
    ffi (1.9.10)
    highline (1.7.8)
    jekyll (3.1.1)
      colorator (~> 0.1)
      jekyll-sass-converter (~> 1.0)
      jekyll-watch (~> 1.1)
      kramdown (~> 1.3)
      liquid (~> 3.0)
      mercenary (~> 0.3.3)
      rouge (~> 1.7)
      safe_yaml (~> 1.0)
    jekyll-sass-converter (1.4.0)
      sass (~> 3.4)
    jekyll-watch (1.3.1)
      listen (~> 3.0)
    kramdown (1.9.0)
    liquid (3.0.6)
    listen (3.0.5)
      rb-fsevent (>= 0.9.3)
      rb-inotify (>= 0.9)
    mercenary (0.3.5)
    metaclass (0.0.1)
    minitest (4.7.1)
    mocha (0.13.3)
      metaclass (~> 0.0.1)
    netrc (0.11.0)
    rake (10.0.4)
    rb-fsevent (0.9.7)
    rb-inotify (0.9.6)
      ffi (>= 0.5.0)
    rdiscount (2.0.7.2)
    rouge (1.10.1)
    rspec (2.13.0)
      rspec-core (~> 2.13.0)
      rspec-expectations (~> 2.13.0)
      rspec-mocks (~> 2.13.0)
    rspec-core (2.13.1)
    rspec-expectations (2.13.0)
      diff-lcs (>= 1.1.3, < 2.0)
    rspec-mocks (2.13.1)
    safe_yaml (1.0.4)
    sass (3.4.21)

PLATFORMS
  ruby

DEPENDENCIES
  bundler
  fakefs
  glynn!
  minitest
  mocha
  rake
  rdiscount
  rspec

BUNDLED WITH
   1.11.2
