PATH
  remote: .
  specs:
    glynn (1.0.10)
      jekyll

GEM
  remote: http://gemcutter.org/
  specs:
    albino (1.3.3)
      posix-spawn (>= 0.3.6)
    classifier (1.3.3)
      fast-stemmer (>= 1.0.0)
    diff-lcs (1.1.2)
    directory_watcher (1.4.1)
    fakefs (0.4.0)
    fast-stemmer (1.0.1)
    jekyll (0.11.2)
      albino (~> 1.3)
      classifier (~> 1.3)
      directory_watcher (~> 1.1)
      kramdown (~> 0.13)
      liquid (~> 2.3)
      maruku (~> 0.5)
    json (1.5.1)
    kramdown (0.13.6)
    liquid (2.3.0)
    maruku (0.6.0)
      syntax (>= 1.0.0)
    minitest (3.0.0)
    mocha (0.9.12)
    posix-spawn (0.3.6)
    rake (0.9.2.2)
    rdiscount (1.6.8)
    rdoc (2.4.3)
    rspec (2.5.0)
      rspec-core (~> 2.5.0)
      rspec-expectations (~> 2.5.0)
      rspec-mocks (~> 2.5.0)
    rspec-core (2.5.1)
    rspec-expectations (2.5.0)
      diff-lcs (~> 1.1.2)
    rspec-mocks (2.5.0)
    sdoc (0.2.20)
      json (>= 1.1.3)
      rdoc (= 2.4.3)
    sdoc-helpers (0.1.4)
      sdoc (~> 0.2)
    syntax (1.0.0)

PLATFORMS
  ruby

DEPENDENCIES
  bundler
  fakefs
  glynn!
  minitest
  mocha
  rake
  rdiscount
  rspec
  sdoc
  sdoc-helpers
